GEM
  remote: https://rubygems.org/
  specs:
    addressable (2.8.7)
      public_suffix (>= 2.0.2, < 7.0)
    akami (1.3.3)
      base64
      gyoku (>= 0.4.0)
      nokogiri
    base64 (0.2.0)
    bigdecimal (3.1.8)
    builder (3.3.0)
    date (3.4.1)
    faraday (2.12.2)
      faraday-net_http (>= 2.0, < 3.5)
      json
      logger
    faraday-net_http (3.4.0)
      net-http (>= 0.5.0)
    gyoku (1.4.0)
      builder (>= 2.1.2)
      rexml (~> 3.0)
    httpi (4.0.4)
      base64
      mutex_m
      nkf
      rack (>= 2.0, < 4)
    json (2.9.0)
    logger (1.6.2)
    mail (2.8.1)
      mini_mime (>= 0.1.1)
      net-imap
      net-pop
      net-smtp
    mini_mime (1.1.5)
    mutex_m (0.3.0)
    net-http (0.6.0)
      uri
    net-imap (0.5.1)
      date
      net-protocol
    net-pop (0.1.2)
      net-protocol
    net-protocol (0.2.2)
      timeout
    net-smtp (0.5.0)
      net-protocol
    nkf (0.2.0)
    nokogiri (1.17.1-x64-mingw-ucrt)
      racc (~> 1.4)
    nori (2.7.1)
      bigdecimal
    public_suffix (6.0.1)
    racc (1.8.1)
    rack (3.1.8)
    rexml (3.3.9)
    savon (2.15.1)
      akami (~> 1.2)
      builder (>= 2.1.2)
      gyoku (~> 1.2)
      httpi (>= 4, < 5)
      mail (~> 2.5)
      nokogiri (>= 1.8.1)
      nori (~> 2.4)
      wasabi (>= 3.7, < 6)
    timeout (0.4.2)
    uri (1.0.2)
    wasabi (5.1.0)
      addressable
      faraday (>= 1.9, < 3)
      nokogiri (>= 1.13.9)

PLATFORMS
  x64-mingw-ucrt

DEPENDENCIES
  savon

BUNDLED WITH
   2.5.23
